GEM
  remote: https://rubygems.org/
  specs:
    coffee-script (2.2.0)
      coffee-script-source
      execjs
    coffee-script-source (1.6.2)
    diff-lcs (1.2.4)
    execjs (1.4.0)
      multi_json (~> 1.0)
    libv8 (3.11.8.17)
    multi_json (1.7.4)
    mustermann (2.0.2)
      ruby2_keywords (~> 0.0.1)
    rack (2.2.4)
    rack-protection (2.2.3)
      rack
    ref (1.0.5)
    rspec (2.13.0)
      rspec-core (~> 2.13.0)
      rspec-expectations (~> 2.13.0)
      rspec-mocks (~> 2.13.0)
    rspec-core (2.13.1)
    rspec-expectations (2.13.0)
      diff-lcs (>= 1.1.3, < 2.0)
    rspec-mocks (2.13.1)
    ruby2_keywords (0.0.5)
    sass (3.2.9)
    sinatra (2.2.3)
      mustermann (~> 2.0)
      rack (~> 2.2)
      rack-protection (= 2.2.3)
      tilt (~> 2.0)
    therubyracer (0.11.4)
      libv8 (~> 3.11.8.12)
      ref
    tilt (2.0.11)

PLATFORMS
  ruby

DEPENDENCIES
  coffee-script
  rspec
  sass
  sinatra
  therubyracer
